GEM
  remote: https://rubygems.org/
  specs:
    asciidoctor (2.0.6)
    rouge (3.3.0)

PLATFORMS
  ruby

DEPENDENCIES
  asciidoctor (~> 2.0, >= 2.0.6)
  rouge (~> 3.3)

BUNDLED WITH
   2.0.1
