GEM
  remote: https://rubygems.org/
  specs:
    asciidoctor (2.0.6)
    rouge (1.11.1)

PLATFORMS
  ruby

DEPENDENCIES
  asciidoctor (~> 2.0, >= 2.0.6)
  rouge (~> 1.10, >= 1.10.1)

BUNDLED WITH
   1.17.2
